PATH
  remote: .
  specs:
    turingbot (0.0.1)

GEM
  remote: https://rubygems.org/
  specs:
    addressable (2.3.6)
    crack (0.4.2)
      safe_yaml (~> 1.0.0)
    evalhook (0.6.0)
      partialruby (~> 0.3)
      sexp_processor (~> 4.0)
    faraday (0.9.0)
      multipart-post (>= 1.2, < 3)
    getsource (0.2.1)
    minitest (5.4.0)
    multipart-post (2.0.0)
    partialruby (0.3.0)
      ruby2ruby (~> 2)
      ruby_parser (~> 3)
    puma (2.9.0)
      rack (>= 1.1, < 2.0)
    rack (1.5.2)
    rack-test (0.6.2)
      rack (>= 1.0)
    rake (10.3.2)
    ruby2ruby (2.1.1)
      ruby_parser (~> 3.1)
      sexp_processor (~> 4.0)
    ruby_parser (3.6.2)
      sexp_processor (~> 4.1)
    safe_yaml (1.0.3)
    sexp_processor (4.4.4)
    shikashi (0.6.0)
      evalhook (>= 0.6.0)
      getsource (>= 0.1.0)
    webmock (1.18.0)
      addressable (>= 2.3.6)
      crack (>= 0.3.2)

PLATFORMS
  ruby

DEPENDENCIES
  bundler (~> 1.6)
  faraday (~> 0.9)
  minitest (~> 5.4)
  puma (~> 2.9)
  rack-test (~> 0.6)
  rake
  shikashi (~> 0.6.0)
  turingbot!
  webmock (~> 1.18)
