PATH
  remote: .
  specs:
    turingbot (0.0.1)

GEM
  remote: https://rubygems.org/
  specs:
    eval_in (0.1.6)
    faraday (0.9.0)
      multipart-post (>= 1.2, < 3)
    minitest (5.4.0)
    multipart-post (2.0.0)
    puma (2.9.0)
      rack (>= 1.1, < 2.0)
    rack (1.5.2)
    rake (10.3.2)

PLATFORMS
  ruby

DEPENDENCIES
  bundler (~> 1.6)
  eval_in
  faraday
  minitest
  puma
  rake
  turingbot!
